GIT
  remote: git://github.com/barrelage/jsonite.git
  revision: 53b7b635c2a5d3fde01003781b48646928c2d941
  specs:
    jsonite (0.0.2)
      activesupport (>= 3.1.0)

GIT
  remote: git://github.com/davidcelis/new_relic-crepe.git
  revision: 8f9a255e85d26d83264b986d176a9e842f690dd2
  specs:
    new_relic-crepe (0.0.1)
      crepe
      newrelic_rpm

GIT
  remote: git://github.com/davidcelis/recommendable.git
  revision: f90419d3653d58bd91d15fcf8303d7b245b63e11
  specs:
    recommendable (2.1.3)
      activesupport (>= 3.0.0)
      hooks (>= 0.2.1)
      redis (>= 2.2.0)

GIT
  remote: git://github.com/stephencelis/crepe.git
  revision: 998aaf9962ab620a3d48d0f2e219b26fd6537c46
  specs:
    crepe (0.0.1.pre)
      activesupport (>= 4.0.0)
      rack (~> 1.5.x)
      rack-mount (~> 0.8.x)

GEM
  remote: https://rubygems.org/
  specs:
    actionpack (4.0.2)
      activesupport (= 4.0.2)
      builder (~> 3.1.0)
      erubis (~> 2.7.0)
      rack (~> 1.5.2)
      rack-test (~> 0.6.2)
    activemodel (4.0.2)
      activesupport (= 4.0.2)
      builder (~> 3.1.0)
    activerecord (4.0.2)
      activemodel (= 4.0.2)
      activerecord-deprecated_finders (~> 1.0.2)
      activesupport (= 4.0.2)
      arel (~> 4.0.0)
    activerecord-deprecated_finders (1.0.3)
    activesupport (4.0.2)
      i18n (~> 0.6, >= 0.6.4)
      minitest (~> 4.2)
      multi_json (~> 1.3)
      thread_safe (~> 0.1)
      tzinfo (~> 0.3.37)
    addressable (2.3.5)
    app (1.0.3)
    arel (4.0.1)
    atomic (1.1.14)
    bcrypt-ruby (3.1.2)
    builder (3.1.4)
    celluloid (0.15.2)
      timers (~> 1.1.0)
    coderay (1.1.0)
    connection_pool (1.2.0)
    coveralls (0.7.0)
      multi_json (~> 1.3)
      rest-client
      simplecov (>= 0.7)
      term-ansicolor
      thor
    crack (0.4.1)
      safe_yaml (~> 0.9.0)
    database_cleaner (1.2.0)
    diff-lcs (1.2.5)
    docile (1.1.2)
    dotenv (0.9.0)
    erubis (2.7.0)
    ffaker (1.22.1)
    foreman (0.63.0)
      dotenv (>= 0.7)
      thor (>= 0.13.6)
    hooks (0.3.3)
    i18n (0.6.9)
    json (1.8.1)
    kaminari (0.15.1)
      actionpack (>= 3.0.0)
      activesupport (>= 3.0.0)
    mail (2.5.4)
      mime-types (~> 1.16)
      treetop (~> 1.4.8)
    method_source (0.8.2)
    mime-types (1.25.1)
    miniskirt (1.2.1)
      activesupport
    minitest (4.7.5)
    mock_redis (0.10.0)
    multi_json (1.8.4)
    newrelic_rpm (3.7.1.182)
    pg (0.17.1)
    polyglot (0.3.3)
    pry (0.9.12.4)
      coderay (~> 1.0)
      method_source (~> 0.8)
      slop (~> 3.4)
    puma (2.7.1)
      rack (>= 1.1, < 2.0)
    rack (1.5.2)
    rack-mount (0.8.3)
      rack (>= 1.0.0)
    rack-test (0.6.2)
      rack (>= 1.0)
    rake (10.1.1)
    redis (3.0.6)
    redis-namespace (1.4.1)
      redis (~> 3.0.4)
    rest-client (1.6.7)
      mime-types (>= 1.16)
    rspec (2.14.1)
      rspec-core (~> 2.14.0)
      rspec-expectations (~> 2.14.0)
      rspec-mocks (~> 2.14.0)
    rspec-core (2.14.7)
    rspec-expectations (2.14.4)
      diff-lcs (>= 1.1.3, < 2.0)
    rspec-mocks (2.14.4)
    safe_yaml (0.9.7)
    sidekiq (2.17.3)
      celluloid (>= 0.15.2)
      connection_pool (>= 1.0.0)
      json
      redis (>= 3.0.6)
      redis-namespace (>= 1.3.1)
    sidekiq-unique-jobs (2.7.0)
      mock_redis
      sidekiq (~> 2.6)
    simplecov (0.8.2)
      docile (~> 1.1.0)
      multi_json
      simplecov-html (~> 0.8.0)
    simplecov-html (0.8.0)
    slop (3.4.7)
    term-ansicolor (1.2.2)
      tins (~> 0.8)
    thor (0.18.1)
    thread_safe (0.1.3)
      atomic
    timers (1.1.0)
    tins (0.13.1)
    treetop (1.4.15)
      polyglot
      polyglot (>= 0.3.1)
    tzinfo (0.3.38)
    vcr (2.8.0)
    webmock (1.17.1)
      addressable (>= 2.2.7)
      crack (>= 0.3.2)

PLATFORMS
  ruby

DEPENDENCIES
  activerecord (~> 4.0.0)
  app
  bcrypt-ruby (~> 3.1.2)
  coveralls
  crepe!
  database_cleaner
  ffaker
  foreman
  jsonite!
  kaminari
  mail (~> 2.5.4)
  miniskirt
  new_relic-crepe!
  pg
  pry
  puma
  rack-test
  rake
  recommendable!
  rspec
  sidekiq
  sidekiq-unique-jobs
  vcr
  webmock
